PATH
  remote: .
  specs:
    pulp (0.0.11)
      activesupport (~> 3.2.12)
      i18n (~> 0.6.4)
      json (~> 1.8.0)
      rest-client (~> 1.6.7)

GEM
  remote: http://rubygems.org/
  specs:
    activesupport (3.2.12)
      i18n (~> 0.6)
      multi_json (~> 1.0)
    diff-lcs (1.2.4)
    git (1.2.5)
    i18n (0.6.4)
    jeweler (1.6.4)
      bundler (~> 1.0)
      git (>= 1.2.5)
      rake
    json (1.8.0)
    metaclass (0.0.1)
    mime-types (1.23)
    mocha (0.14.0)
      metaclass (~> 0.0.1)
    multi_json (1.7.3)
    rake (10.0.4)
    rcov (1.0.0)
    rest-client (1.6.7)
      mime-types (>= 1.16)
    rspec (2.13.0)
      rspec-core (~> 2.13.0)
      rspec-expectations (~> 2.13.0)
      rspec-mocks (~> 2.13.0)
    rspec-core (2.13.1)
    rspec-expectations (2.13.0)
      diff-lcs (>= 1.1.3, < 2.0)
    rspec-mocks (2.13.1)

PLATFORMS
  ruby

DEPENDENCIES
  jeweler (~> 1.6.4)
  mocha (~> 0.14.0)
  pulp!
  rcov (~> 1.0.0)
  rspec (~> 2.13.0)
