GEM
  remote: http://rubygems.org/
  specs:
    activesupport (3.1.0)
    diff-lcs (1.1.3)
    git (1.2.5)
    i18n (0.6.0)
    jeweler (1.6.4)
      bundler (~> 1.0)
      git (>= 1.2.5)
      rake
    json (1.6.4)
    metaclass (0.0.1)
    mime-types (1.16)
    mocha (0.10.0)
      metaclass (~> 0.0.1)
    rake (0.9.2)
    rcov (0.9.11)
    rest-client (1.6.7)
      mime-types (>= 1.16)
    rspec (2.3.0)
      rspec-core (~> 2.3.0)
      rspec-expectations (~> 2.3.0)
      rspec-mocks (~> 2.3.0)
    rspec-core (2.3.1)
    rspec-expectations (2.3.0)
      diff-lcs (~> 1.1.2)
    rspec-mocks (2.3.0)

PLATFORMS
  ruby

DEPENDENCIES
  activesupport
  bundler (~> 1.0.0)
  i18n
  jeweler (~> 1.6.4)
  json
  mocha
  rcov
  rest-client (~> 1.6.7)
  rspec (~> 2.3.0)
